GIT
  remote: https://github.com/eventide-project/entity-projection.git
  revision: bad3775faec4ed2b7d5626ff415a7db6a3e974c1
  specs:
    evt-entity_projection (2.0.1.4)
      evt-messaging

GIT
  remote: https://github.com/eventide-project/entity-store.git
  revision: f551413c4689a5bfe6b5c3902b9f157e85d20567
  specs:
    evt-entity_store (2.0.4.1)
      evt-entity_cache
      evt-entity_projection

GIT
  remote: https://github.com/eventide-project/messaging.git
  revision: 82ae099da1c73af8458284c5676feac185b1d367
  specs:
    evt-messaging (2.7.0.3)
      evt-message_store
      evt-settings

GEM
  remote: https://rubygems.org/
  specs:
    ast (2.4.3)
    date (3.4.1)
    debug (1.10.0)
      irb (~> 1.10)
      reline (>= 0.3.8)
    evt-async_invocation (2.0.0.4)
    evt-attribute (2.0.0.0)
    evt-casing (2.0.0.1)
    evt-clock (2.3.1.1)
      evt-mimic
    evt-configure (2.0.0.1)
    evt-dependency (2.2.0.0)
      evt-subst_attr
    evt-entity_cache (2.0.1.4)
      evt-configure
      evt-message_store
      evt-settings
      evt-telemetry
    evt-identifier-uuid (2.1.0.2)
    evt-initializer (2.0.0.0)
      evt-attribute
    evt-invocation (2.2.0.0)
    evt-log (2.1.1.2)
      evt-clock
      evt-dependency
      evt-initializer
      evt-telemetry
      terminal_colors
    evt-message_store (2.4.0.1)
      evt-async_invocation
      evt-casing
      evt-identifier-uuid
      evt-initializer
      evt-schema
      evt-template_method
      evt-transform
    evt-mimic (2.6.0.0)
      evt-record_invocation
    evt-record_invocation (2.0.1.0)
      evt-invocation
    evt-reflect (2.2.0.1)
    evt-schema (2.5.0.0)
      evt-attribute
      evt-initializer
      evt-reflect
      evt-set_attributes
      evt-template_method
      evt-validate
    evt-set_attributes (2.2.0.1)
    evt-settings (2.1.1.6)
      evt-attribute
    evt-subst_attr (2.3.0.0)
      evt-attribute
      evt-mimic
      evt-reflect
    evt-telemetry (2.4.0.2)
      evt-clock
      evt-dependency
    evt-template_method (2.1.0.0)
    evt-transform (2.0.0.0)
      evt-log
      evt-reflect
    evt-validate (2.0.0.0)
      evt-reflect
    io-console (0.8.0)
    irb (1.15.1)
      pp (>= 0.6.0)
      rdoc (>= 4.0.0)
      reline (>= 0.4.2)
    json (2.10.2)
    language_server-protocol (3.17.0.4)
    lint_roller (1.1.0)
    parallel (1.26.3)
    parser (3.3.7.4)
      ast (~> 2.4.1)
      racc
    pp (0.6.2)
      prettyprint
    prettyprint (0.2.0)
    prism (1.4.0)
    psych (5.2.3)
      date
      stringio
    racc (1.8.1)
    rainbow (3.1.1)
    rdoc (6.12.0)
      psych (>= 4.0.0)
    regexp_parser (2.10.0)
    reline (0.6.0)
      io-console (~> 0.5)
    rubocop (1.75.1)
      json (~> 2.3)
      language_server-protocol (~> 3.17.0.2)
      lint_roller (~> 1.1.0)
      parallel (~> 1.10)
      parser (>= 3.3.0.2)
      rainbow (>= 2.2.2, < 4.0)
      regexp_parser (>= 2.9.3, < 3.0)
      rubocop-ast (>= 1.43.0, < 2.0)
      ruby-progressbar (~> 1.7)
      unicode-display_width (>= 2.4.0, < 4.0)
    rubocop-ast (1.43.0)
      parser (>= 3.3.7.2)
      prism (~> 1.4)
    ruby-progressbar (1.13.0)
    stringio (3.1.5)
    terminal_colors (1.0.0)
    test_bench (2.0.1.1)
      test_bench-run
    test_bench-fixture (2.1.1.1)
      test_bench-session
    test_bench-output (2.1.1.3)
      test_bench-telemetry
    test_bench-random (2.2.0.2)
    test_bench-run (2.1.3.1)
      test_bench-fixture
    test_bench-session (2.1.3.2)
      test_bench-output
    test_bench-telemetry (2.1.1.1)
      test_bench-random
    unicode-display_width (3.1.4)
      unicode-emoji (~> 4.0, >= 4.0.4)
    unicode-emoji (4.0.4)

PLATFORMS
  arm64-darwin-23
  ruby

DEPENDENCIES
  debug
  evt-entity_projection!
  evt-entity_store!
  evt-messaging!
  rubocop
  test_bench

BUNDLED WITH
   2.6.2
